GEM
  remote: https://rubygems.org/
  specs:
    nokogiri (1.15.3-arm64-darwin)
      racc (~> 1.4)
    racc (1.7.1)

PLATFORMS
  arm64-darwin-22

DEPENDENCIES
  nokogiri

BUNDLED WITH
   2.4.10
