GEM
  remote: https://rubygems.org/
  specs:
    nokogiri (1.16.5-x86_64-linux)
      racc (~> 1.4)
    racc (1.7.3)
    unihan2 (1.1.0)

PLATFORMS
  x86_64-linux

DEPENDENCIES
  nokogiri
  unihan2 (>= 1.0.1)

BUNDLED WITH
   2.4.22
