GEM
  remote: https://rubygems.org/
  specs:
    nokogiri (1.16.2-arm64-darwin)
      racc (~> 1.4)
    nokogiri (1.16.2-x86_64-linux)
      racc (~> 1.4)
    racc (1.7.3)

PLATFORMS
  arm64-darwin-22
  x86_64-linux

DEPENDENCIES
  nokogiri

BUNDLED WITH
   2.4.22
