GEM
  remote: https://rubygems.org/
  specs:
    nokogiri (1.16.5-arm64-darwin)
      racc (~> 1.4)
    racc (1.7.3)
    unihan2 (1.1.0)

PLATFORMS
  arm64-darwin-23

DEPENDENCIES
  nokogiri (>= 1.16.5)
  unihan2 (>= 1.0.1)

BUNDLED WITH
   2.5.8
